GEM
  specs:
    jekyll-paginate (1.1.0)
    kramdown (1.11.1)

PLATFORMS
  ruby

DEPENDENCIES
  jekyll-paginate
  kramdown

BUNDLED WITH
   1.12.5
